GEM
  remote: https://rubygems.org/
  specs:
    cwb (0.1.1)
      faraday (~> 0.9.1)
      faraday_middleware (~> 0.9.1)
      thor (~> 0.19)
    diff-lcs (1.3)
    faraday (0.9.2)
      multipart-post (>= 1.2, < 3)
    faraday_middleware (0.9.2)
      faraday (>= 0.7.4, < 0.10)
    multipart-post (2.0.0)
    rspec (3.5.0)
      rspec-core (~> 3.5.0)
      rspec-expectations (~> 3.5.0)
      rspec-mocks (~> 3.5.0)
    rspec-core (3.5.4)
      rspec-support (~> 3.5.0)
    rspec-expectations (3.5.0)
      diff-lcs (>= 1.2.0, < 2.0)
      rspec-support (~> 3.5.0)
    rspec-mocks (3.5.0)
      diff-lcs (>= 1.2.0, < 2.0)
      rspec-support (~> 3.5.0)
    rspec-support (3.5.0)
    thor (0.19.4)

PLATFORMS
  ruby

DEPENDENCIES
  cwb (~> 0.1.1)
  rspec (~> 3.5)

BUNDLED WITH
   1.14.6
